GEM
  remote: https://rubygems.org/
  specs:
    ast (1.1.0)
    debase (0.0.9)
      debugger-ruby_core_source
    debugger-ruby_core_source (1.3.1)
    diff-lcs (1.2.5)
    mime-types (2.0)
    parser (2.1.4)
      ast (~> 1.1)
      slop (~> 3.4, >= 3.4.5)
    powerpack (0.0.9)
    rainbow (1.99.1)
    rake (10.1.1)
    rest-client (1.6.7)
      mime-types (>= 1.16)
    rspec (3.0.0.beta1)
      rspec-core (= 3.0.0.beta1)
      rspec-expectations (= 3.0.0.beta1)
      rspec-mocks (= 3.0.0.beta1)
    rspec-core (3.0.0.beta1)
      rspec-support (= 3.0.0.beta1)
    rspec-expectations (3.0.0.beta1)
      diff-lcs (>= 1.1.3, < 2.0)
      rspec-support (= 3.0.0.beta1)
    rspec-mocks (3.0.0.beta1)
      rspec-support (= 3.0.0.beta1)
    rspec-support (3.0.0.beta1)
    rubocop (0.16.0)
      parser (~> 2.1)
      powerpack (~> 0.0.6)
      rainbow (>= 1.1.4)
    ruby-debug-ide (0.4.22)
      rake (>= 0.8.1)
    slop (3.4.7)

PLATFORMS
  ruby

DEPENDENCIES
  debase
  rake
  rest-client
  rspec (>= 3.0.0beta1)
  rubocop
  ruby-debug-ide
